PATH
  remote: .
  specs:
    veronica (0.1.0)

GEM
  remote: https://rubygems.org/
  specs:
    coderay (1.1.2)
    concurrent-ruby (1.0.5)
    diff-lcs (1.3)
    docile (1.1.5)
    faker (1.8.5)
      i18n (~> 0.9.1)
    i18n (0.9.1)
      concurrent-ruby (~> 1.0)
    json (2.5.1)
    method_source (0.9.0)
    pry (0.11.3)
      coderay (~> 1.1.0)
      method_source (~> 0.9.0)
    rake (13.0.3)
    rspec (3.7.0)
      rspec-core (~> 3.7.0)
      rspec-expectations (~> 3.7.0)
      rspec-mocks (~> 3.7.0)
    rspec-core (3.7.0)
      rspec-support (~> 3.7.0)
    rspec-expectations (3.7.0)
      diff-lcs (>= 1.2.0, < 2.0)
      rspec-support (~> 3.7.0)
    rspec-mocks (3.7.0)
      diff-lcs (>= 1.2.0, < 2.0)
      rspec-support (~> 3.7.0)
    rspec-support (3.7.0)
    simplecov (0.15.1)
      docile (~> 1.1.0)
      json (>= 1.8, < 3)
      simplecov-html (~> 0.10.0)
    simplecov-html (0.10.2)
    zxcvbn-ruby (0.1.2)

PLATFORMS
  ruby

DEPENDENCIES
  bundler (~> 1.16)
  faker (~> 1.8, >= 1.8.0)
  pry (~> 0.11)
  rake (~> 13.0)
  rspec (~> 3.0)
  simplecov (~> 0.15)
  veronica!
  zxcvbn-ruby (~> 0.1.0)

BUNDLED WITH
   1.16.0
